PATH
  remote: .
  specs:
    ruby-sfst (0.4.0)

GEM
  remote: https://rubygems.org/
  specs:
    rake (10.1.0)
    yard (0.8.7)

PLATFORMS
  ruby

DEPENDENCIES
  bundler (~> 1.0)
  rake
  ruby-sfst!
  yard
